PATH
  remote: .
  specs:
    ruby-redmine_client (0.0.1)
      nokogiri

GEM
  remote: http://rubygems.org/
  specs:
    diff-lcs (1.1.3)
    nokogiri (1.5.2)
    rspec (2.8.0)
      rspec-core (~> 2.8.0)
      rspec-expectations (~> 2.8.0)
      rspec-mocks (~> 2.8.0)
    rspec-core (2.8.0)
    rspec-expectations (2.8.0)
      diff-lcs (~> 1.1.2)
    rspec-mocks (2.8.0)

PLATFORMS
  ruby

DEPENDENCIES
  rspec (~> 2.6)
  ruby-redmine_client!
